GEM
  remote: http://rubygems.org/
  specs:
    daemons (1.1.9)
    eventmachine (0.12.10)
    fattr (2.2.1)
    highline (1.6.15)
    kramdown (0.14.0)
    options (2.3.0)
      fattr
    progress_bar (0.4.0)
      highline (~> 1.6.1)
      options (~> 2.3.0)
    rack (1.4.1)
    rack-flash (0.1.2)
      rack
    sinatra (1.1.0)
      rack (~> 1.1)
      tilt (~> 1.1)
    thin (1.4.1)
      daemons (>= 1.0.9)
      eventmachine (>= 0.12.6)
      rack (>= 1.0.0)
    tilt (1.3.3)

PLATFORMS
  ruby

DEPENDENCIES
  kramdown
  progress_bar
  rack-flash
  sinatra (= 1.1.0)
  thin
