GEM
  remote: http://rubygems.org/
  specs:
    Ascii85 (1.0.2)
    daemons (1.1.9)
    eventmachine (1.2.5)
    fattr (2.2.1)
    hashery (2.0.1)
    highline (1.6.15)
    kramdown (0.14.0)
    options (2.3.0)
      fattr
    pdf-reader (1.2.0)
      Ascii85 (~> 1.0.0)
      hashery (~> 2.0)
      ruby-rc4
    prawn (0.12.0)
      pdf-reader (>= 0.9.0)
      ttfunk (~> 1.0.2)
    progress_bar (0.4.0)
      highline (~> 1.6.1)
      options (~> 2.3.0)
    rack (1.6.12)
    rack-flash (0.1.2)
      rack
    ruby-rc4 (0.1.5)
    sass (3.2.1)
    shotgun (0.9)
      rack (>= 1.0)
    sinatra (1.1.0)
      rack (~> 1.1)
      tilt (~> 1.1)
    thin (1.4.1)
      daemons (>= 1.0.9)
      eventmachine (>= 0.12.6)
      rack (>= 1.0.0)
    tilt (1.3.3)
    ttfunk (1.0.3)

PLATFORMS
  ruby

DEPENDENCIES
  kramdown
  prawn
  progress_bar
  rack-flash
  sass
  shotgun
  sinatra (= 1.1.0)
  thin

RUBY VERSION
   ruby 2.6.5p114

BUNDLED WITH
   1.17.2
